GEM
  remote: http://rubygems.org/
  specs:
    childprocess (0.5.6)
      ffi (~> 1.0, >= 1.0.11)
    ffi (1.9.10)
    multi_json (1.11.2)
    power_assert (0.2.4)
    rubyzip (1.1.7)
    selenium-webdriver (2.47.1)
      childprocess (~> 0.5)
      multi_json (~> 1.0)
      rubyzip (~> 1.0)
      websocket (~> 1.0)
    test-unit (3.1.3)
      power_assert
    watir-webdriver (0.8.0)
      selenium-webdriver (>= 2.46.2)
    websocket (1.2.2)

PLATFORMS
  ruby

DEPENDENCIES
  test-unit
  watir-webdriver

BUNDLED WITH
   1.10.5
